PATH
  remote: .
  specs:
    easy_config (0.0.3)

GEM
  remote: https://rubygems.org/
  specs:
    rake (10.0.4)

PLATFORMS
  ruby

DEPENDENCIES
  easy_config!
  rake
