PATH
  remote: .
  specs:
    easy_configs (0.0.1)

GEM
  remote: https://rubygems.org/
  specs:
    rake (10.0.4)

PLATFORMS
  ruby

DEPENDENCIES
  easy_configs!
  rake
